GEM
  remote: https://rubygems.org/
  specs:
    diff-lcs (1.5.0)
    execjs (2.9.1)
    polyglot (0.3.5)
    rspec (3.12.0)
      rspec-core (~> 3.12.0)
      rspec-expectations (~> 3.12.0)
      rspec-mocks (~> 3.12.0)
    rspec-core (3.12.2)
      rspec-support (~> 3.12.0)
    rspec-expectations (3.12.3)
      diff-lcs (>= 1.2.0, < 2.0)
      rspec-support (~> 3.12.0)
    rspec-its (1.3.0)
      rspec-core (>= 3.0.0)
      rspec-expectations (>= 3.0.0)
    rspec-mocks (3.12.6)
      diff-lcs (>= 1.2.0, < 2.0)
      rspec-support (~> 3.12.0)
    rspec-support (3.12.1)
    treetop (1.6.12)
      polyglot (~> 0.3)

PLATFORMS
  ruby

DEPENDENCIES
  execjs
  rspec
  rspec-its
  treetop

BUNDLED WITH
   2.1.4
